PATH
  remote: .
  specs:
    patron (0.4.10)

GEM
  remote: http://rubygems.org/
  specs:
    diff-lcs (1.1.2)
    rake (0.8.7)
    rake-compiler (0.7.5)
      rake
    rcov (0.9.9)
    rspec (2.3.0)
      rspec-core (~> 2.3.0)
      rspec-expectations (~> 2.3.0)
      rspec-mocks (~> 2.3.0)
    rspec-core (2.3.1)
    rspec-expectations (2.3.0)
      diff-lcs (~> 1.1.2)
    rspec-mocks (2.3.0)

PLATFORMS
  ruby

DEPENDENCIES
  bundler (>= 1.0.0)
  patron!
  rake-compiler (~> 0.7.5)
  rcov (~> 0.9.9)
  rspec (~> 2.3.0)
